GEM
  remote: http://rubygems.org/
  remote: https://e5Sta2QVx8FdzsqWitUs@gem.fury.io/strava/
  specs:
    faraday (0.9.2)
      multipart-post (>= 1.2, < 3)
    gemfury (0.4.26)
      faraday (>= 0.9.0, < 0.10.0.pre)
      highline (~> 1.6.0)
      multi_json (~> 1.0)
      netrc (~> 0.7.7)
      thor (>= 0.14.0, < 1.0.0.pre)
    highline (1.6.21)
    multi_json (1.12.1)
    multipart-post (2.0.0)
    netrc (0.7.9)
    rake (10.0.4)
    thor (0.19.4)

PLATFORMS
  ruby

DEPENDENCIES
  gemfury (~> 0.4.14)
  rake (~> 10.0.4)
